PATH
  remote: .
  specs:
    branch-name (4.0.5)
      activemodel (~> 8.0, >= 8.0.1)
      activesupport (~> 8.0, >= 8.0.1)
      colorize (>= 1.1.0, < 2.0)
      os (>= 1.1, < 2.0)
      ostruct (~> 0.6.1)
      reline (~> 0.6.0)
      thor (>= 1.2, < 2.0)
      thor_nested_subcommand (>= 1.0, < 2.0)

GEM
  remote: https://rubygems.org/
  specs:
    activemodel (8.0.1)
      activesupport (= 8.0.1)
    activesupport (8.0.1)
      base64
      benchmark (>= 0.3)
      bigdecimal
      concurrent-ruby (~> 1.0, >= 1.3.1)
      connection_pool (>= 2.2.5)
      drb
      i18n (>= 1.6, < 2)
      logger (>= 1.4.2)
      minitest (>= 5.1)
      securerandom (>= 0.3)
      tzinfo (~> 2.0, >= 2.0.5)
      uri (>= 0.13.1)
    ast (2.4.2)
    base64 (0.2.0)
    benchmark (0.4.0)
    bigdecimal (3.1.9)
    byebug (11.1.3)
    coderay (1.1.3)
    colorize (1.1.0)
    concurrent-ruby (1.3.5)
    connection_pool (2.5.0)
    date (3.4.1)
    diff-lcs (1.5.1)
    docile (1.4.1)
    dotenv (3.1.7)
    drb (2.2.1)
    dry-configurable (1.3.0)
      dry-core (~> 1.1)
      zeitwerk (~> 2.6)
    dry-core (1.1.0)
      concurrent-ruby (~> 1.0)
      logger
      zeitwerk (~> 2.6)
    dry-inflector (1.2.0)
    dry-initializer (3.2.0)
    dry-logic (1.6.0)
      bigdecimal
      concurrent-ruby (~> 1.0)
      dry-core (~> 1.1)
      zeitwerk (~> 2.6)
    dry-schema (1.13.4)
      concurrent-ruby (~> 1.0)
      dry-configurable (~> 1.0, >= 1.0.1)
      dry-core (~> 1.0, < 2)
      dry-initializer (~> 3.0)
      dry-logic (>= 1.4, < 2)
      dry-types (>= 1.7, < 2)
      zeitwerk (~> 2.6)
    dry-types (1.8.2)
      bigdecimal (~> 3.0)
      concurrent-ruby (~> 1.0)
      dry-core (~> 1.0)
      dry-inflector (~> 1.0)
      dry-logic (~> 1.4)
      zeitwerk (~> 2.6)
    i18n (1.14.7)
      concurrent-ruby (~> 1.0)
    io-console (0.8.0)
    irb (1.15.1)
      pp (>= 0.6.0)
      rdoc (>= 4.0.0)
      reline (>= 0.4.2)
    json (2.9.1)
    language_server-protocol (3.17.0.4)
    logger (1.6.5)
    method_source (1.1.0)
    minitest (5.25.4)
    os (1.1.4)
    ostruct (0.6.1)
    parallel (1.26.3)
    parser (3.3.7.1)
      ast (~> 2.4.1)
      racc
    pp (0.6.2)
      prettyprint
    prettyprint (0.2.0)
    pry (0.14.2)
      coderay (~> 1.1)
      method_source (~> 1.0)
    pry-byebug (3.10.1)
      byebug (~> 11.0)
      pry (>= 0.13, < 0.15)
    psych (5.2.3)
      date
      stringio
    racc (1.8.1)
    rainbow (3.1.1)
    rake (13.2.1)
    rdoc (6.12.0)
      psych (>= 4.0.0)
    reek (6.4.0)
      dry-schema (~> 1.13.0)
      logger (~> 1.6)
      parser (~> 3.3.0)
      rainbow (>= 2.0, < 4.0)
      rexml (~> 3.1)
    regexp_parser (2.10.0)
    reline (0.6.0)
      io-console (~> 0.5)
    rexml (3.4.0)
    rspec (3.13.0)
      rspec-core (~> 3.13.0)
      rspec-expectations (~> 3.13.0)
      rspec-mocks (~> 3.13.0)
    rspec-activemodel-mocks (1.2.1)
      activemodel (>= 3.0)
      activesupport (>= 3.0)
      rspec-mocks (>= 2.99, < 4.0)
    rspec-core (3.13.3)
      rspec-support (~> 3.13.0)
    rspec-expectations (3.13.3)
      diff-lcs (>= 1.2.0, < 2.0)
      rspec-support (~> 3.13.0)
    rspec-mocks (3.13.2)
      diff-lcs (>= 1.2.0, < 2.0)
      rspec-support (~> 3.13.0)
    rspec-support (3.13.2)
    rubocop (1.71.2)
      json (~> 2.3)
      language_server-protocol (>= 3.17.0)
      parallel (~> 1.10)
      parser (>= 3.3.0.2)
      rainbow (>= 2.2.2, < 4.0)
      regexp_parser (>= 2.9.3, < 3.0)
      rubocop-ast (>= 1.38.0, < 2.0)
      ruby-progressbar (~> 1.7)
      unicode-display_width (>= 2.4.0, < 4.0)
    rubocop-ast (1.38.0)
      parser (>= 3.3.1.0)
    rubocop-capybara (2.21.0)
      rubocop (~> 1.41)
    rubocop-factory_bot (2.26.1)
      rubocop (~> 1.61)
    rubocop-performance (1.23.1)
      rubocop (>= 1.48.1, < 2.0)
      rubocop-ast (>= 1.31.1, < 2.0)
    rubocop-rspec (2.31.0)
      rubocop (~> 1.40)
      rubocop-capybara (~> 2.17)
      rubocop-factory_bot (~> 2.22)
      rubocop-rspec_rails (~> 2.28)
    rubocop-rspec_rails (2.29.1)
      rubocop (~> 1.61)
    ruby-progressbar (1.13.0)
    securerandom (0.4.1)
    shoulda-matchers (6.4.0)
      activesupport (>= 5.2.0)
    simplecov (0.22.0)
      docile (~> 1.1)
      simplecov-html (~> 0.11)
      simplecov_json_formatter (~> 0.1)
    simplecov-html (0.13.1)
    simplecov_json_formatter (0.1.4)
    stringio (3.1.2)
    thor (1.3.2)
    thor_nested_subcommand (1.0.9)
    tzinfo (2.0.6)
      concurrent-ruby (~> 1.0)
    unicode-display_width (3.1.4)
      unicode-emoji (~> 4.0, >= 4.0.4)
    unicode-emoji (4.0.4)
    uri (1.0.2)
    zeitwerk (2.7.1)

PLATFORMS
  ruby
  x86_64-darwin-21

DEPENDENCIES
  branch-name!
  bundler (>= 2.5, < 3.0)
  dotenv (>= 2.8, < 4.0)
  irb (~> 1.15, >= 1.15.1)
  pry-byebug (>= 3.9, < 4.0)
  rake (>= 13.0, < 14.0)
  reek (>= 6.1, < 7.0)
  rspec (>= 3.12, < 4.0)
  rspec-activemodel-mocks (>= 1.1, < 2.0)
  rubocop (>= 1.35, < 2.0)
  rubocop-performance (>= 1.14, < 2.0)
  rubocop-rspec (>= 2.12, < 3.0)
  shoulda-matchers (>= 6.0, < 7.0)
  simplecov (>= 0.22, < 2.0)
  thor (>= 1.3, < 2.0)

BUNDLED WITH
   2.6.2
